PATH
  remote: .
  specs:
    algebrick (0.7.5)

GEM
  remote: http://rubygems.org
  specs:
    ansi (1.5.0)
    builder (3.2.3)
    kramdown (1.17.0)
    minitest (5.11.3)
    minitest-reporters (1.3.0)
      ansi
      builder
      minitest (>= 5.0)
      ruby-progressbar
    rake (13.1.0)
    ruby-progressbar (1.8.3)
    yard (0.9.15)

PLATFORMS
  ruby

DEPENDENCIES
  algebrick!
  kramdown (~> 1.13)
  minitest (~> 5.10)
  minitest-reporters (= 1.3.0)
  rake (~> 13.0)
  ruby-progressbar (~> 1.8.3)
  yard (~> 0.9)
