GEM
  remote: https://rubygems.org/
  specs:
    rack (1.6.1)
    webrick (1.7.0)

PLATFORMS
  ruby
  x86_64-linux

DEPENDENCIES
  rack (= 1.6.1)
  webrick (= 1.7.0)
