GEM
  remote: https://rubygems.org/
  specs:
    chunky_png (1.3.6)
    oily_png (1.2.0)
      chunky_png (~> 1.3.1)
    rbtree (0.4.6)
    set (1.1.2)
    sorted_set (1.0.3)
      rbtree
      set (~> 1.0)

PLATFORMS
  ruby
  x86_64-linux

DEPENDENCIES
  chunky_png (= 1.3.6)
  oily_png (= 1.2.0)
  sorted_set
